GIT
  remote: git://github.com/wundertax/fontcustom.git
  revision: f3cb95f3b134304c01e06dc07dfd821adea95cc1
  branch: master
  specs:
    fontcustom (2.0.1)
      json (~> 1.4)
      listen (>= 1.0, < 4.0)
      thor (~> 0.14)

GEM
  remote: https://rubygems.org/
  remote: https://rails-assets.org/
  specs:
    actioncable (5.1.7)
      actionpack (= 5.1.7)
      nio4r (~> 2.0)
      websocket-driver (~> 0.6.1)
    actionmailer (5.1.7)
      actionpack (= 5.1.7)
      actionview (= 5.1.7)
      activejob (= 5.1.7)
      mail (~> 2.5, >= 2.5.4)
      rails-dom-testing (~> 2.0)
    actionpack (5.1.7)
      actionview (= 5.1.7)
      activesupport (= 5.1.7)
      rack (~> 2.0)
      rack-test (>= 0.6.3)
      rails-dom-testing (~> 2.0)
      rails-html-sanitizer (~> 1.0, >= 1.0.2)
    actionview (5.1.7)
      activesupport (= 5.1.7)
      builder (~> 3.1)
      erubi (~> 1.4)
      rails-dom-testing (~> 2.0)
      rails-html-sanitizer (~> 1.0, >= 1.0.3)
    activejob (5.1.7)
      activesupport (= 5.1.7)
      globalid (>= 0.3.6)
    activemodel (5.1.7)
      activesupport (= 5.1.7)
    activerecord (5.1.7)
      activemodel (= 5.1.7)
      activesupport (= 5.1.7)
      arel (~> 8.0)
    activesupport (5.1.7)
      concurrent-ruby (~> 1.0, >= 1.0.2)
      i18n (>= 0.7, < 2)
      minitest (~> 5.1)
      tzinfo (~> 1.1)
    arel (8.0.0)
    babel-source (5.8.35)
    babel-transpiler (0.7.0)
      babel-source (>= 4.0, < 6)
      execjs (~> 2.0)
    bcrypt (3.1.12)
    bootstrap-datepicker-rails (1.5.0)
      railties (>= 3.0)
    browser (2.5.3)
    bugsnag (6.11.1)
      concurrent-ruby (~> 1.0)
    builder (3.2.3)
    business_time (0.9.3)
      activesupport (>= 3.2.0)
      tzinfo
    cocoon (1.2.12)
    concurrent-ruby (1.1.5)
    connection_pool (2.2.2)
    countries (1.2.5)
      currencies (~> 0.4.2)
      i18n_data (~> 0.7.0)
    crass (1.0.4)
    currencies (0.4.2)
    daemons (1.3.1)
    delayed_job (4.1.5)
      activesupport (>= 3.0, < 5.3)
    delayed_job_active_record (4.1.3)
      activerecord (>= 3.0, < 5.3)
      delayed_job (>= 3.0, < 5)
    erubi (1.8.0)
    eventmachine (1.2.7)
    execjs (2.7.0)
    ffi (1.10.0)
    font-awesome-sass (4.6.2)
      sass (>= 3.2)
    globalid (0.4.2)
      activesupport (>= 4.2.0)
    holidays (6.6.1)
    i18n (1.6.0)
      concurrent-ruby (~> 1.0)
    i18n_data (0.7.0)
    jquery-rails (4.2.2)
      rails-dom-testing (>= 1, < 3)
      railties (>= 4.2.0)
      thor (>= 0.14, < 2.0)
    jquery-ui-rails (5.0.5)
      railties (>= 3.2.16)
    json (1.8.6)
    le (2.7.6)
    listen (3.1.5)
      rb-fsevent (~> 0.9, >= 0.9.4)
      rb-inotify (~> 0.9, >= 0.9.7)
      ruby_dep (~> 1.2)
    livingstyleguide (2.0.3)
      minisyntax (>= 0.2.5)
      redcarpet
      sass
      thor
      tilt
    lograge (0.10.0)
      actionpack (>= 4)
      activesupport (>= 4)
      railties (>= 4)
      request_store (~> 1.0)
    logstash-event (1.2.02)
    loofah (2.2.3)
      crass (~> 1.0.2)
      nokogiri (>= 1.5.9)
    mail (2.7.1)
      mini_mime (>= 0.1.1)
    method_source (0.9.2)
    mini_mime (1.0.1)
    mini_portile2 (2.4.0)
    minisyntax (0.2.5)
    minitest (5.11.3)
    neat (1.9.1)
      sass (>= 3.3)
      thor (~> 0.19)
    newrelic_rpm (3.18.1.330)
    nio4r (2.5.8)
    nokogiri (1.10.2)
      mini_portile2 (~> 2.4.0)
    non-stupid-digest-assets (1.0.9)
      sprockets (>= 2.0)
    normalize-rails (4.1.1)
    pg (0.18.4)
    puma (5.5.1)
      nio4r (~> 2.0)
    rack (2.0.6)
    rack-test (1.1.0)
      rack (>= 1.0, < 3)
    rails (5.1.7)
      actioncable (= 5.1.7)
      actionmailer (= 5.1.7)
      actionpack (= 5.1.7)
      actionview (= 5.1.7)
      activejob (= 5.1.7)
      activemodel (= 5.1.7)
      activerecord (= 5.1.7)
      activesupport (= 5.1.7)
      bundler (>= 1.3.0)
      railties (= 5.1.7)
      sprockets-rails (>= 2.0.0)
    rails-assets-Chart.js (2.1.6)
    rails-assets-aos (2.3.4)
    rails-assets-bootstrap-daterangepicker (3.0.3)
      rails-assets-jquery (>= 1.9.1, < 4)
      rails-assets-moment (>= 2.9.0)
    rails-assets-cleanslate (0.10.1)
    rails-assets-flag-icon-css (3.2.1)
    rails-assets-jquery (2.2.4)
    rails-assets-jquery-cookie (1.4.1)
      rails-assets-jquery (>= 1.2)
    rails-assets-jquery.are-you-sure (1.9.0)
      rails-assets-jquery (>= 1.4.2)
    rails-assets-matchHeight (0.7.2)
    rails-assets-moment (2.24.0)
    rails-assets-react-slick (0.14.2)
      rails-assets-slick-carousel (~> 1.6.0)
    rails-assets-slick-carousel (1.6.0)
      rails-assets-jquery (>= 1.7)
    rails-assets-sticky-kit (1.1.2)
    rails-assets-underscore (1.9.1)
    rails-dom-testing (2.0.3)
      activesupport (>= 4.2.0)
      nokogiri (>= 1.6)
    rails-html-sanitizer (1.0.4)
      loofah (~> 2.2, >= 2.2.2)
    railties (5.1.7)
      actionpack (= 5.1.7)
      activesupport (= 5.1.7)
      method_source
      rake (>= 0.8.7)
      thor (>= 0.18.1, < 2.0)
    rake (12.3.2)
    rb-fsevent (0.10.3)
    rb-inotify (0.10.0)
      ffi (~> 1.0)
    react-rails (2.5.0)
      babel-transpiler (>= 0.7.0)
      connection_pool
      execjs
      railties (>= 3.2)
      tilt
    redcarpet (3.4.0)
    redis (3.3.5)
    request_store (1.4.1)
      rack (>= 1.4)
    ruby_dep (1.5.0)
    sass (3.7.3)
      sass-listen (~> 4.0.0)
    sass-listen (4.0.0)
      rb-fsevent (~> 0.9, >= 0.9.4)
      rb-inotify (~> 0.9, >= 0.9.7)
    sass-rails (5.0.7)
      railties (>= 4.0.0, < 6)
      sass (~> 3.1)
      sprockets (>= 2.8, < 4.0)
      sprockets-rails (>= 2.0, < 4.0)
      tilt (>= 1.1, < 3)
    simple_form (4.1.0)
      actionpack (>= 5.0)
      activemodel (>= 5.0)
    sprockets (3.7.2)
      concurrent-ruby (~> 1.0)
      rack (> 1, < 3)
    sprockets-rails (3.2.1)
      actionpack (>= 4.0)
      activesupport (>= 4.0)
      sprockets (>= 3.0.0)
    thin (1.7.2)
      daemons (~> 1.0, >= 1.0.9)
      eventmachine (~> 1.0, >= 1.0.4)
      rack (>= 1, < 3)
    thor (0.20.3)
    thread_safe (0.3.6)
    tilt (2.0.9)
    tzinfo (1.2.5)
      thread_safe (~> 0.1)
    uglifier (4.1.20)
      execjs (>= 0.3.0, < 3)
    websocket-driver (0.6.5)
      websocket-extensions (>= 0.1.0)
    websocket-extensions (0.1.3)
    wisper (2.0.0)

PLATFORMS
  ruby

DEPENDENCIES
  arel (~> 8.0.0)
  bcrypt (~> 3.1.10)
  bootstrap-datepicker-rails (~> 1.5.0)
  browser
  bugsnag
  business_time (~> 0.9.2)
  cocoon
  countries (~> 1.2.2)
  delayed_job_active_record
  font-awesome-sass (~> 4.6.2)
  fontcustom!
  holidays (~> 6.0)
  jquery-rails (~> 4.2.1)
  jquery-ui-rails (~> 5.0.5)
  le
  livingstyleguide
  lograge
  logstash-event
  neat (~> 1.8)
  newrelic_rpm (~> 3.18.1)
  non-stupid-digest-assets
  normalize-rails
  pg (~> 0.18.3)
  puma
  rack (~> 2.0.0)
  rails (~> 5.1)
  rails-assets-Chart.js (~> 2.1.4)!
  rails-assets-aos!
  rails-assets-bootstrap-daterangepicker!
  rails-assets-cleanslate!
  rails-assets-flag-icon-css!
  rails-assets-jquery (~> 2.2.0)!
  rails-assets-jquery-cookie!
  rails-assets-jquery.are-you-sure!
  rails-assets-matchHeight!
  rails-assets-moment!
  rails-assets-react-slick (= 0.14.2)!
  rails-assets-sticky-kit!
  rails-assets-underscore!
  react-rails
  redis (~> 3.2)
  sass-rails (~> 5.0.6)
  simple_form
  thin (~> 1.7.0)
  uglifier (>= 2.7.0)
  wisper (~> 2.0)

BUNDLED WITH
   1.17.1
